PATH
  remote: .
  specs:
    active_record_has_many_remotely_through (0.1.0)
      activerecord (~> 5.2)

GEM
  remote: https://rubygems.org/
  specs:
    activemodel (5.2.1.1)
      activesupport (= 5.2.1.1)
    activerecord (5.2.1.1)
      activemodel (= 5.2.1.1)
      activesupport (= 5.2.1.1)
      arel (>= 9.0)
    activesupport (5.2.1.1)
      concurrent-ruby (~> 1.0, >= 1.0.2)
      i18n (>= 0.7, < 2)
      minitest (~> 5.1)
      tzinfo (~> 1.1)
    arel (9.0.0)
    byebug (10.0.2)
    concurrent-ruby (1.1.3)
    i18n (1.1.1)
      concurrent-ruby (~> 1.0)
    minitest (5.11.3)
    rake (10.5.0)
    sqlite3 (1.3.13)
    thread_safe (0.3.6)
    tzinfo (1.2.5)
      thread_safe (~> 0.1)

PLATFORMS
  ruby

DEPENDENCIES
  active_record_has_many_remotely_through!
  bundler (~> 1.17)
  byebug (~> 10.0)
  minitest (~> 5.0)
  rake (~> 10.0)
  sqlite3 (~> 1.3)

BUNDLED WITH
   1.17.1
